PATH
  remote: .
  specs:
    morguefile (0.1.0)
      json

GEM
  remote: https://rubygems.org/
  specs:
    bump (0.5.2)
    diff-lcs (1.2.5)
    json (1.8.1)
    rake (10.4.2)
    rspec (3.3.0)
      rspec-core (~> 3.3.0)
      rspec-expectations (~> 3.3.0)
      rspec-mocks (~> 3.3.0)
    rspec-core (3.3.2)
      rspec-support (~> 3.3.0)
    rspec-expectations (3.3.1)
      diff-lcs (>= 1.2.0, < 2.0)
      rspec-support (~> 3.3.0)
    rspec-mocks (3.3.2)
      diff-lcs (>= 1.2.0, < 2.0)
      rspec-support (~> 3.3.0)
    rspec-support (3.3.0)

PLATFORMS
  ruby

DEPENDENCIES
  bump
  morguefile!
  rake
  rspec

BUNDLED WITH
   1.10.5
